PATH
  remote: .
  specs:
    boxcars (0.7.1)
      anthropic (~> 0.3)
      google_search_results (~> 2.2)
      gpt4all (~> 0.0.5)
      hnswlib (~> 0.9)
      intelligence (>= 0.8)
      nokogiri (~> 1.18)
      pgvector (~> 0.2)
      ruby-openai (>= 7.3)

GEM
  remote: https://rubygems.org/
  specs:
    activemodel (7.2.2.1)
      activesupport (= 7.2.2.1)
    activerecord (7.2.2.1)
      activemodel (= 7.2.2.1)
      activesupport (= 7.2.2.1)
      timeout (>= 0.4.0)
    activesupport (7.2.2.1)
      base64
      benchmark (>= 0.3)
      bigdecimal
      concurrent-ruby (~> 1.0, >= 1.3.1)
      connection_pool (>= 2.2.5)
      drb
      i18n (>= 1.6, < 2)
      logger (>= 1.4.2)
      minitest (>= 5.1)
      securerandom (>= 0.3)
      tzinfo (~> 2.0, >= 2.0.5)
    addressable (2.8.7)
      public_suffix (>= 2.0.2, < 7.0)
    anthropic (0.3.2)
      event_stream_parser (>= 0.3.0, < 2.0.0)
      faraday (>= 1)
      faraday-multipart (>= 1)
    ast (2.4.2)
    async (1.32.1)
      console (~> 1.10)
      nio4r (~> 2.3)
      timers (~> 4.1)
    async-http (0.64.2)
      async (>= 1.25)
      async-io (>= 1.28)
      async-pool (>= 0.2)
      protocol-http (~> 0.26.0)
      protocol-http1 (~> 0.19.0)
      protocol-http2 (~> 0.16.0)
      traces (>= 0.10.0)
    async-http-faraday (0.19.0)
      async-http (~> 0.42)
      faraday
    async-io (1.43.2)
      async
    async-pool (0.10.2)
      async (>= 1.25)
      traces
    base64 (0.2.0)
    benchmark (0.4.0)
    bigdecimal (3.1.9)
    concurrent-ruby (1.3.5)
    connection_pool (2.5.0)
    console (1.29.2)
      fiber-annotation
      fiber-local (~> 1.1)
      json
    crack (1.0.0)
      bigdecimal
      rexml
    date (3.4.1)
    debug (1.10.0)
      irb (~> 1.10)
      reline (>= 0.3.8)
    diff-lcs (1.5.1)
    domain_name (0.6.20240107)
    dotenv (3.1.7)
    drb (2.2.1)
    dynamicschema (1.0.0.beta04)
    event_stream_parser (1.0.0)
    faraday (2.12.2)
      faraday-net_http (>= 2.0, < 3.5)
      json
      logger
    faraday-http-cache (2.5.1)
      faraday (>= 0.8)
    faraday-multipart (1.1.0)
      multipart-post (~> 2.0)
    faraday-net_http (3.4.0)
      net-http (>= 0.5.0)
    faraday-retry (2.2.1)
      faraday (~> 2.0)
    fiber-annotation (0.2.0)
    fiber-local (1.1.0)
      fiber-storage
    fiber-storage (1.0.0)
    github_changelog_generator (1.16.4)
      activesupport
      async (>= 1.25.0)
      async-http-faraday
      faraday-http-cache
      multi_json
      octokit (~> 4.6)
      rainbow (>= 2.2.1)
      rake (>= 10.0)
    google_search_results (2.2.0)
    gpt4all (0.0.5)
      faraday (~> 2.7)
      os (~> 1.1)
      tty-progressbar (~> 0.18.2)
    hashdiff (1.1.2)
    hnswlib (0.9.0)
    http-accept (1.7.0)
    http-cookie (1.0.8)
      domain_name (~> 0.5)
    i18n (1.14.6)
      concurrent-ruby (~> 1.0)
    intelligence (0.8.0)
      dynamicschema (~> 1.0.0.beta03)
      faraday (~> 2.7)
      json-repair (~> 0.2)
      mime-types (~> 3.6)
    io-console (0.8.0)
    irb (1.14.3)
      rdoc (>= 4.0.0)
      reline (>= 0.4.2)
    json (2.9.1)
    json-repair (0.2.0)
    language_server-protocol (3.17.0.3)
    logger (1.6.5)
    mime-types (3.6.0)
      logger
      mime-types-data (~> 3.2015)
    mime-types-data (3.2025.0107)
    minitest (5.25.4)
    multi_json (1.15.0)
    multipart-post (2.4.1)
    net-http (0.6.0)
      uri
    netrc (0.11.0)
    nio4r (2.7.4)
    nokogiri (1.18.1-aarch64-linux-gnu)
      racc (~> 1.4)
    nokogiri (1.18.1-aarch64-linux-musl)
      racc (~> 1.4)
    nokogiri (1.18.1-arm-linux-gnu)
      racc (~> 1.4)
    nokogiri (1.18.1-arm-linux-musl)
      racc (~> 1.4)
    nokogiri (1.18.1-arm64-darwin)
      racc (~> 1.4)
    nokogiri (1.18.1-x86_64-darwin)
      racc (~> 1.4)
    nokogiri (1.18.1-x86_64-linux-gnu)
      racc (~> 1.4)
    nokogiri (1.18.1-x86_64-linux-musl)
      racc (~> 1.4)
    octokit (4.25.1)
      faraday (>= 1, < 3)
      sawyer (~> 0.9)
    os (1.1.4)
    parallel (1.26.3)
    parser (3.3.7.0)
      ast (~> 2.4.1)
      racc
    pg (1.5.9)
    pgvector (0.2.2)
    protocol-hpack (1.5.1)
    protocol-http (0.26.8)
    protocol-http1 (0.19.1)
      protocol-http (~> 0.22)
    protocol-http2 (0.16.0)
      protocol-hpack (~> 1.4)
      protocol-http (~> 0.18)
    psych (5.2.3)
      date
      stringio
    public_suffix (6.0.1)
    racc (1.8.1)
    rainbow (3.1.1)
    rake (13.2.1)
    rdoc (6.11.0)
      psych (>= 4.0.0)
    regexp_parser (2.10.0)
    reline (0.6.0)
      io-console (~> 0.5)
    rest-client (2.1.0)
      http-accept (>= 1.7.0, < 2.0)
      http-cookie (>= 1.0.2, < 2.0)
      mime-types (>= 1.16, < 4.0)
      netrc (~> 0.8)
    rexml (3.4.0)
    rspec (3.13.0)
      rspec-core (~> 3.13.0)
      rspec-expectations (~> 3.13.0)
      rspec-mocks (~> 3.13.0)
    rspec-core (3.13.2)
      rspec-support (~> 3.13.0)
    rspec-expectations (3.13.3)
      diff-lcs (>= 1.2.0, < 2.0)
      rspec-support (~> 3.13.0)
    rspec-mocks (3.13.2)
      diff-lcs (>= 1.2.0, < 2.0)
      rspec-support (~> 3.13.0)
    rspec-support (3.13.2)
    rubocop (1.70.0)
      json (~> 2.3)
      language_server-protocol (>= 3.17.0)
      parallel (~> 1.10)
      parser (>= 3.3.0.2)
      rainbow (>= 2.2.2, < 4.0)
      regexp_parser (>= 2.9.3, < 3.0)
      rubocop-ast (>= 1.36.2, < 2.0)
      ruby-progressbar (~> 1.7)
      unicode-display_width (>= 2.4.0, < 4.0)
    rubocop-ast (1.37.0)
      parser (>= 3.3.1.0)
    rubocop-rake (0.6.0)
      rubocop (~> 1.0)
    rubocop-rspec (3.3.0)
      rubocop (~> 1.61)
    ruby-openai (7.3.1)
      event_stream_parser (>= 0.3.0, < 2.0.0)
      faraday (>= 1)
      faraday-multipart (>= 1)
    ruby-progressbar (1.13.0)
    sawyer (0.9.2)
      addressable (>= 2.3.5)
      faraday (>= 0.17.3, < 3)
    securerandom (0.4.1)
    sqlite3 (2.5.0-aarch64-linux-gnu)
    sqlite3 (2.5.0-aarch64-linux-musl)
    sqlite3 (2.5.0-arm-linux-gnu)
    sqlite3 (2.5.0-arm-linux-musl)
    sqlite3 (2.5.0-arm64-darwin)
    sqlite3 (2.5.0-x86_64-darwin)
    sqlite3 (2.5.0-x86_64-linux-gnu)
    sqlite3 (2.5.0-x86_64-linux-musl)
    stringio (3.1.2)
    strings-ansi (0.2.0)
    timeout (0.4.3)
    timers (4.3.5)
    traces (0.14.1)
    tty-cursor (0.7.1)
    tty-progressbar (0.18.3)
      strings-ansi (~> 0.2)
      tty-cursor (~> 0.7)
      tty-screen (~> 0.8)
      unicode-display_width (>= 1.6, < 3.0)
    tty-screen (0.8.2)
    tzinfo (2.0.6)
      concurrent-ruby (~> 1.0)
    unicode-display_width (2.6.0)
    uri (1.0.2)
    vcr (6.3.1)
      base64
    webmock (3.24.0)
      addressable (>= 2.8.0)
      crack (>= 0.3.2)
      hashdiff (>= 0.4.0, < 2.0.0)

PLATFORMS
  aarch64-linux-gnu
  aarch64-linux-musl
  arm-linux-gnu
  arm-linux-musl
  arm64-darwin
  x86_64-darwin
  x86_64-linux-gnu
  x86_64-linux-musl

DEPENDENCIES
  activerecord (~> 7.1)
  activesupport (~> 7.1)
  async (~> 1.32.1)
  boxcars!
  debug (~> 1.9)
  dotenv (~> 3.1)
  faraday-retry (~> 2.0)
  github_changelog_generator (~> 1.16)
  hnswlib (~> 0.9.0)
  pg (~> 1.5)
  pgvector (~> 0.2.2)
  rake (~> 13.2)
  rest-client (~> 2.1)
  rspec (~> 3.13)
  rubocop (~> 1.67)
  rubocop-rake (~> 0.6.0)
  rubocop-rspec (~> 3.2)
  sqlite3 (~> 2.0)
  vcr (~> 6.3.1)
  webmock (~> 3.24.0)

BUNDLED WITH
   2.5.23
